NUGET
  remote: https://api.nuget.org/v3/index.json
    Microsoft.CodeAnalysis.Analyzers (1.1)
    Microsoft.CodeAnalysis.Common (1.0.1)
      Microsoft.CodeAnalysis.Analyzers (>= 1.0)
      System.Collections.Immutable (>= 1.1.36)
      System.Reflection.Metadata (>= 1.0.21)
    Microsoft.CodeAnalysis.CSharp (1.0.1)
      Microsoft.CodeAnalysis.Common (>= 1.0.1)
    Microsoft.CodeAnalysis.CSharp.Workspaces (1.0.1)
      Microsoft.CodeAnalysis.CSharp (>= 1.0.1)
      Microsoft.CodeAnalysis.Workspaces.Common (>= 1.0.1)
    Microsoft.CodeAnalysis.VisualBasic (1.0.1) - restriction: >= net462
      Microsoft.CodeAnalysis.Common (>= 1.0.1)
    Microsoft.CodeAnalysis.VisualBasic.Workspaces (1.0.1) - restriction: >= net462
      Microsoft.CodeAnalysis.VisualBasic (>= 1.0.1)
      Microsoft.CodeAnalysis.Workspaces.Common (>= 1.0.1)
    Microsoft.CodeAnalysis.Workspaces.Common (1.0.1)
      Microsoft.CodeAnalysis.Common (>= 1.0.1)
      Microsoft.Composition (>= 1.0.27)
    Microsoft.Composition (1.0.27)
    NuGet.CommandLine (2.8.5)
    System.Collections.Immutable (1.1.36)
    System.Reflection.Metadata (1.0.21)
      System.Collections.Immutable (>= 1.1.36)
